FRAMEWORK: NET47
NUGET
  remote: https://www.nuget.org/api/v2
    Castle.Core (3.3.3)
    DataAnnotationsValidator (1.0.0.1)
    Gigya.Microdot.Configuration (1.0.0-develop-00078)
      DataAnnotationsValidator (>= 1.0.0.1)
      Gigya.Microdot.Interfaces (1.0.0-develop-00078)
      Gigya.Microdot.SharedLogic (1.0.0-develop-00078)
      Gigya.ServiceContract (2.4.8)
      Metrics.NET (>= 0.4.8)
      Newtonsoft.Json (>= 9.0.1 < 10.0)
      System.ComponentModel.Annotations (>= 4.3)
      System.Threading.Tasks.Dataflow (>= 4.7 < 5.0)
    Gigya.Microdot.Hosting (1.0.0-develop-00078)
      Gigya.Microdot.Configuration (1.0.0-develop-00078)
      Gigya.Microdot.Interfaces (1.0.0-develop-00078)
      Gigya.Microdot.ServiceDiscovery (1.0.0-develop-00078)
      Gigya.Microdot.SharedLogic (1.0.0-develop-00078)
      Gigya.ServiceContract (2.4.8)
      Metrics.NET (>= 0.4.8)
      Newtonsoft.Json (>= 9.0.1 < 10.0)
      System.Collections.Immutable (>= 1.3.1)
      System.Threading.Tasks.Dataflow (>= 4.7 < 5.0)
    Gigya.Microdot.Interfaces (1.0.0-develop-00078)
      Newtonsoft.Json (>= 9.0.1 < 10.0)
    Gigya.Microdot.Logging.NLog (1.0.0-develop-00078)
      Gigya.Microdot.Configuration (1.0.0-develop-00078)
      Gigya.Microdot.Hosting (1.0.0-develop-00078)
      Gigya.Microdot.Interfaces (1.0.0-develop-00078)
      Gigya.Microdot.Ninject (1.0.0-develop-00078)
      Gigya.Microdot.ServiceDiscovery (1.0.0-develop-00078)
      Gigya.Microdot.ServiceProxy (1.0.0-develop-00078)
      Gigya.Microdot.SharedLogic (1.0.0-develop-00078)
      Gigya.ServiceContract (2.4.8)
      Ninject (>= 3.2.2 < 4.0)
      NLog (>= 4.4.9)
    Gigya.Microdot.Ninject (1.0.0-develop-00078)
      Gigya.Microdot.Configuration (1.0.0-develop-00078)
      Gigya.Microdot.Hosting (1.0.0-develop-00078)
      Gigya.Microdot.Interfaces (1.0.0-develop-00078)
      Gigya.Microdot.ServiceDiscovery (1.0.0-develop-00078)
      Gigya.Microdot.ServiceProxy (1.0.0-develop-00078)
      Gigya.Microdot.SharedLogic (1.0.0-develop-00078)
      Gigya.ServiceContract (2.4.8)
      Metrics.NET (>= 0.4.8)
      Ninject (>= 3.2.2 < 4.0)
      ninject.extensions.conventions (>= 3.2 < 4.0)
      Ninject.Extensions.Factory (>= 3.2.1 < 4.0)
      System.Threading.Tasks.Dataflow (>= 4.7 < 5.0)
    Gigya.Microdot.Orleans.Hosting (1.0.0-develop-00078)
      Gigya.Microdot.Configuration (1.0.0-develop-00078)
      Gigya.Microdot.Hosting (1.0.0-develop-00078)
      Gigya.Microdot.Interfaces (1.0.0-develop-00078)
      Gigya.Microdot.ServiceDiscovery (1.0.0-develop-00078)
      Gigya.Microdot.SharedLogic (1.0.0-develop-00078)
      Gigya.ServiceContract (2.4.8)
      Metrics.NET (>= 0.4.8)
      Microsoft.Orleans.Core (1.3.1)
      Microsoft.Orleans.OrleansCodeGenerator (1.3.1)
      Microsoft.Orleans.OrleansCodeGenerator.Build (1.3.1)
      Microsoft.Orleans.OrleansProviders (1.3.1)
      Microsoft.Orleans.OrleansRuntime (1.3.1)
      Microsoft.Orleans.OrleansSqlUtils (1.3.1)
      Microsoft.Orleans.OrleansZooKeeperUtils (1.3.1)
    Gigya.Microdot.Orleans.Ninject.Host (1.0.0-develop-00078)
      Gigya.Microdot.Configuration (1.0.0-develop-00078)
      Gigya.Microdot.Hosting (1.0.0-develop-00078)
      Gigya.Microdot.Interfaces (1.0.0-develop-00078)
      Gigya.Microdot.Ninject (1.0.0-develop-00078)
      Gigya.Microdot.Orleans.Hosting (1.0.0-develop-00078)
      Gigya.Microdot.ServiceDiscovery (1.0.0-develop-00078)
      Gigya.Microdot.ServiceProxy (1.0.0-develop-00078)
      Gigya.Microdot.SharedLogic (1.0.0-develop-00078)
      Gigya.ServiceContract (2.4.8)
      Microsoft.Orleans.Core (1.3.1)
      Microsoft.Orleans.OrleansProviders (1.3.1)
      Microsoft.Orleans.OrleansRuntime (1.3.1)
      Ninject (>= 3.2.2 < 4.0)
      ninject.extensions.conventions (>= 3.2 < 4.0)
      Ninject.Extensions.Factory (>= 3.2.1 < 4.0)
    Gigya.Microdot.ServiceDiscovery (1.0.0-develop-00078)
      Gigya.Microdot.Interfaces (1.0.0-develop-00078)
      Gigya.Microdot.SharedLogic (1.0.0-develop-00078)
      Gigya.ServiceContract (2.4.8)
      Metrics.NET (>= 0.4.8)
      Newtonsoft.Json (>= 9.0.1 < 10.0)
      Nito.AsyncEx (>= 4.0.1)
      System.Collections.Immutable (>= 1.3.1)
      System.Threading.Tasks.Dataflow (>= 4.7 < 5.0)
    Gigya.Microdot.ServiceProxy (1.0.0-develop-00078)
      Gigya.Microdot.Interfaces (1.0.0-develop-00078)
      Gigya.Microdot.ServiceDiscovery (1.0.0-develop-00078)
      Gigya.Microdot.SharedLogic (1.0.0-develop-00078)
      Gigya.ServiceContract (2.4.8)
      Metrics.NET (>= 0.4.8)
      Newtonsoft.Json (>= 9.0.1 < 10.0)
      Nito.AsyncEx (>= 4.0.1)
      System.Collections.Immutable (>= 1.3.1)
      System.Threading.Tasks.Dataflow (>= 4.7 < 5.0)
    Gigya.Microdot.SharedLogic (1.0.0-develop-00078)
      Gigya.Microdot.Interfaces (1.0.0-develop-00078)
      Gigya.ServiceContract (2.4.8)
      Metrics.NET (>= 0.4.8)
      Newtonsoft.Json (>= 9.0.1 < 10.0)
      System.Threading.Tasks.Dataflow (>= 4.7 < 5.0)
    Gigya.ServiceContract (2.4.8)
      Newtonsoft.Json (>= 9.0.1 < 10.0)
    Metrics.NET (0.5.1)
    Microsoft.Bcl (1.1.10)
      Microsoft.Bcl.Build (>= 1.0.14)
    Microsoft.Bcl.Async (1.0.168)
      Microsoft.Bcl (>= 1.1.8)
    Microsoft.Bcl.Build (1.0.21) - import_targets: false
    Microsoft.CodeAnalysis.Analyzers (1.1)
    Microsoft.CodeAnalysis.Common (2.2)
      Microsoft.CodeAnalysis.Analyzers (>= 1.1)
      System.AppContext (>= 4.3)
      System.Collections (>= 4.3)
      System.Collections.Concurrent (>= 4.3)
      System.Collections.Immutable (>= 1.3.1)
      System.Console (>= 4.3)
      System.Diagnostics.Debug (>= 4.3)
      System.Diagnostics.FileVersionInfo (>= 4.3)
      System.Diagnostics.StackTrace (>= 4.3)
      System.Diagnostics.Tools (>= 4.3)
      System.Dynamic.Runtime (>= 4.3)
      System.Globalization (>= 4.3)
      System.IO.Compression (>= 4.3)
      System.IO.FileSystem (>= 4.3)
      System.IO.FileSystem.Primitives (>= 4.3)
      System.Linq (>= 4.3)
      System.Linq.Expressions (>= 4.3)
      System.Reflection (>= 4.3)
      System.Reflection.Metadata (>= 1.4.2)
      System.Resources.ResourceManager (>= 4.3)
      System.Runtime (>= 4.3)
      System.Runtime.Extensions (>= 4.3)
      System.Runtime.InteropServices (>= 4.3)
      System.Runtime.Numerics (>= 4.3)
      System.Security.Cryptography.Algorithms (>= 4.3)
      System.Security.Cryptography.Encoding (>= 4.3)
      System.Security.Cryptography.X509Certificates (>= 4.3)
      System.Text.Encoding (>= 4.3)
      System.Text.Encoding.CodePages (>= 4.3)
      System.Text.Encoding.Extensions (>= 4.3)
      System.Threading (>= 4.3)
      System.Threading.Tasks (>= 4.3)
      System.Threading.Tasks.Parallel (>= 4.3)
      System.Threading.Thread (>= 4.3)
      System.ValueTuple (>= 4.3)
      System.Xml.ReaderWriter (>= 4.3)
      System.Xml.XDocument (>= 4.3)
      System.Xml.XmlDocument (>= 4.3)
      System.Xml.XPath.XDocument (>= 4.3)
    Microsoft.CodeAnalysis.CSharp (2.2)
      Microsoft.CodeAnalysis.Common (2.2)
    Microsoft.Extensions.DependencyInjection (1.1.1)
      Microsoft.Extensions.DependencyInjection.Abstractions (>= 1.1.1)
      NETStandard.Library (>= 1.6.1)
    Microsoft.Extensions.DependencyInjection.Abstractions (1.1.1)
    Microsoft.Orleans.Core (1.3.1)
      Newtonsoft.Json (>= 7.0.1)
      System.Collections.Immutable (>= 1.1.37)
    Microsoft.Orleans.OrleansCodeGenerator (1.3.1)
      Microsoft.CodeAnalysis.CSharp (>= 1.3.2)
      Microsoft.Orleans.Core (>= 1.3.1)
    Microsoft.Orleans.OrleansCodeGenerator.Build (1.3.1)
      Microsoft.Orleans.Core (>= 1.3.1)
    Microsoft.Orleans.OrleansProviders (1.3.1)
      Microsoft.Orleans.Core (>= 1.3.1)
    Microsoft.Orleans.OrleansRuntime (1.3.1)
      Microsoft.Extensions.DependencyInjection (>= 1.0)
      Microsoft.Extensions.DependencyInjection.Abstractions (>= 1.0)
      Microsoft.Orleans.Core (>= 1.3.1)
    Microsoft.Orleans.OrleansSqlUtils (1.3.1)
      Microsoft.Orleans.Core (>= 1.3.1)
      Newtonsoft.Json (>= 7.0.1)
    Microsoft.Orleans.OrleansZooKeeperUtils (1.3.1)
      Microsoft.Orleans.Core (>= 1.3.1)
      Microsoft.Orleans.OrleansRuntime (>= 1.3.1)
      ZooKeeperNetEx (>= 3.4.8.5)
    Microsoft.Win32.Primitives (4.3)
    NETStandard.Library (1.6.1)
      Microsoft.Win32.Primitives (>= 4.3)
      System.AppContext (>= 4.3)
      System.Collections.Concurrent (>= 4.3)
      System.Console (>= 4.3)
      System.Diagnostics.Tracing (>= 4.3)
      System.Globalization.Calendars (>= 4.3)
      System.IO.Compression (>= 4.3)
      System.IO.Compression.ZipFile (>= 4.3)
      System.IO.FileSystem (>= 4.3)
      System.IO.FileSystem.Primitives (>= 4.3)
      System.Net.Http (>= 4.3)
      System.Net.Sockets (>= 4.3)
      System.Runtime.Handles (>= 4.3)
      System.Runtime.InteropServices (>= 4.3)
      System.Runtime.InteropServices.RuntimeInformation (>= 4.3)
      System.Runtime.Numerics (>= 4.3)
      System.Security.Cryptography.Algorithms (>= 4.3)
      System.Security.Cryptography.Encoding (>= 4.3)
      System.Security.Cryptography.Primitives (>= 4.3)
      System.Security.Cryptography.X509Certificates (>= 4.3)
      System.Threading.Timer (>= 4.3)
    Newtonsoft.Json (9.0.1)
    Ninject (3.2.2)
    ninject.extensions.conventions (3.2)
      Ninject (>= 3.2 < 3.3)
    Ninject.Extensions.Factory (3.2.1)
      Castle.Core (>= 3.2 < 4.0)
      Ninject (>= 3.2 < 3.3)
    Nito.AsyncEx (4.0.1)
      Microsoft.Bcl (>= 1.1.10)
      Microsoft.Bcl.Async (>= 1.0.168)
      Microsoft.Bcl.Build (>= 1.0.21)
    NLog (4.4.10)
    System.AppContext (4.3)
    System.Collections (4.3)
    System.Collections.Concurrent (4.3)
    System.Collections.Immutable (1.3.1)
    System.ComponentModel.Annotations (4.3)
    System.Console (4.3)
    System.Diagnostics.Debug (4.3)
    System.Diagnostics.FileVersionInfo (4.3)
    System.Diagnostics.StackTrace (4.3)
    System.Diagnostics.Tools (4.3)
    System.Diagnostics.Tracing (4.3)
    System.Dynamic.Runtime (4.3)
    System.Globalization (4.3)
    System.Globalization.Calendars (4.3)
    System.IO (4.3)
    System.IO.Compression (4.3)
    System.IO.Compression.ZipFile (4.3)
    System.IO.FileSystem (4.3)
      System.IO.FileSystem.Primitives (>= 4.3)
    System.IO.FileSystem.Primitives (4.3)
    System.Linq (4.3)
    System.Linq.Expressions (4.3)
    System.Net.Http (4.3.2)
      System.Security.Cryptography.X509Certificates (>= 4.3)
    System.Net.Sockets (4.3)
    System.Reflection (4.3)
    System.Reflection.Metadata (1.4.2)
      System.Collections.Immutable (>= 1.3.1)
    System.Resources.ResourceManager (4.3)
    System.Runtime (4.3)
    System.Runtime.Extensions (4.3)
    System.Runtime.Handles (4.3)
    System.Runtime.InteropServices (4.3)
      System.Runtime (>= 4.3)
    System.Runtime.InteropServices.RuntimeInformation (4.3)
    System.Runtime.Numerics (4.3)
    System.Security.Cryptography.Algorithms (4.3)
      System.IO (>= 4.3)
      System.Runtime (>= 4.3)
      System.Security.Cryptography.Encoding (>= 4.3)
      System.Security.Cryptography.Primitives (>= 4.3)
    System.Security.Cryptography.Encoding (4.3)
    System.Security.Cryptography.Primitives (4.3)
    System.Security.Cryptography.X509Certificates (4.3)
      System.Security.Cryptography.Algorithms (>= 4.3)
      System.Security.Cryptography.Encoding (>= 4.3)
    System.Text.Encoding (4.3)
    System.Text.Encoding.CodePages (4.3)
    System.Text.Encoding.Extensions (4.3)
    System.Threading (4.3)
    System.Threading.Tasks (4.3)
    System.Threading.Tasks.Dataflow (4.7)
    System.Threading.Tasks.Parallel (4.3)
    System.Threading.Thread (4.3)
    System.Threading.Timer (4.3)
    System.ValueTuple (4.3.1)
    System.Xml.ReaderWriter (4.3)
    System.Xml.XDocument (4.3)
    System.Xml.XmlDocument (4.3)
    System.Xml.XPath (4.3)
    System.Xml.XPath.XDocument (4.3)
      System.Xml.XPath (>= 4.3)
    ZooKeeperNetEx (3.4.9.4)
